GEM
  remote: https://rubygems.org/
  specs:
    rack (1.6.4)
    rails_serve_static_assets (0.0.4)

PLATFORMS
  x86-mingw32

DEPENDENCIES
  rack
  rails_serve_static_assets

BUNDLED WITH
   1.10.6
